GEM
  remote: https://rubygems.org/
  specs:
    coderay (1.1.1)
    gruff (0.6.0)
      rmagick (>= 2.13.4)
    method_source (0.8.2)
    pry (0.10.3)
      coderay (~> 1.1.0)
      method_source (~> 0.8.1)
      slop (~> 3.4)
    rmagick (2.15.4)
    slop (3.6.0)

PLATFORMS
  ruby

DEPENDENCIES
  gruff
  pry

BUNDLED WITH
   1.10.0.pre.2
